GEM
  remote: http://rubygems.org/
  specs:
    hoe (2.9.4)
      rake (>= 0.8.7)
    nokogiri (1.4.4)
    rake (0.8.7)

PLATFORMS
  ruby

DEPENDENCIES
  hoe
  nokogiri
